PATH
  remote: .
  specs:
    riemann-dash (0.2.14)
      erubis (>= 2.7.0)
      multi_json (= 1.3.6)
      sass (>= 3.1.14)
      sinatra (>= 1.4.5, < 2.3.0)
      webrick

GEM
  remote: https://rubygems.org/
  specs:
    coderay (1.1.2)
    erubis (2.7.0)
    ffi (1.15.5)
    method_source (0.9.2)
    multi_json (1.3.6)
    mustermann (1.1.1)
      ruby2_keywords (~> 0.0.1)
    pry (0.12.2)
      coderay (~> 1.1.0)
      method_source (~> 0.9.0)
    rack (2.2.3)
    rack-protection (2.2.0)
      rack
    rb-fsevent (0.11.1)
    rb-inotify (0.10.1)
      ffi (~> 1.0)
    ruby2_keywords (0.0.5)
    sass (3.7.4)
      sass-listen (~> 4.0.0)
    sass-listen (4.0.0)
      rb-fsevent (~> 0.9, >= 0.9.4)
      rb-inotify (~> 0.9, >= 0.9.7)
    sinatra (2.2.0)
      mustermann (~> 1.0)
      rack (~> 2.2)
      rack-protection (= 2.2.0)
      tilt (~> 2.0)
    tilt (2.0.10)
    webrick (1.7.0)

PLATFORMS
  ruby

DEPENDENCIES
  pry
  riemann-dash!

BUNDLED WITH
   1.17.1
