PATH
  remote: .
  specs:
    reslike-dash (0.2.2)
      erubis (>= 2.7.0)
      multi_json (= 1.3.6)
      riemann-client (>= 0.0.7)
      sass (>= 3.1.14)
      sinatra (>= 1.3.2)
      thin (>= 1.3.1)

GEM
  remote: http://rubygems.org/
  specs:
    beefcake (0.3.7)
    coderay (1.0.9)
    daemons (1.1.9)
    erubis (2.7.0)
    eventmachine (1.0.3)
    method_source (0.8.1)
    mtrc (0.0.4)
    multi_json (1.3.6)
    pry (0.9.12)
      coderay (~> 1.0.5)
      method_source (~> 0.8)
      slop (~> 3.4)
    rack (1.5.2)
    rack-protection (1.4.0)
      rack
    riemann-client (0.0.8)
      beefcake (>= 0.3.5)
      mtrc (>= 0.0.4)
      trollop (>= 1.16.2)
    sass (3.2.7)
    sinatra (1.3.5)
      rack (~> 1.4)
      rack-protection (~> 1.3)
      tilt (~> 1.3, >= 1.3.3)
    slop (3.4.3)
    thin (1.5.0)
      daemons (>= 1.0.9)
      eventmachine (>= 0.12.6)
      rack (>= 1.0.0)
    tilt (1.3.5)
    trollop (2.0)

PLATFORMS
  ruby

DEPENDENCIES
  pry
  reslike-dash!
